PATH
  remote: .
  specs:
    contracts-lite (0.14.0)

GEM
  remote: http://rubygems.org/
  specs:
    ast (2.3.0)
    byebug (9.0.6)
    codecov (0.1.9)
      json
      simplecov
      url
    diff-lcs (1.2.5)
    docile (1.1.5)
    hirb (0.7.3)
    json (2.0.2)
    method_profiler (2.0.1)
      hirb (>= 0.6.0)
    parser (2.3.3.1)
      ast (~> 2.2)
    powerpack (0.1.1)
    rainbow (2.2.1)
    rake (12.0.0)
    rspec (3.5.0)
      rspec-core (~> 3.5.0)
      rspec-expectations (~> 3.5.0)
      rspec-mocks (~> 3.5.0)
    rspec-core (3.5.4)
      rspec-support (~> 3.5.0)
    rspec-expectations (3.5.0)
      diff-lcs (>= 1.2.0, < 2.0)
      rspec-support (~> 3.5.0)
    rspec-mocks (3.5.0)
      diff-lcs (>= 1.2.0, < 2.0)
      rspec-support (~> 3.5.0)
    rspec-support (3.5.0)
    rubocop (0.46.0)
      parser (>= 2.3.1.1, < 3.0)
      powerpack (~> 0.1)
      rainbow (>= 1.99.1, < 3.0)
      ruby-progressbar (~> 1.7)
      unicode-display_width (~> 1.0, >= 1.0.1)
    ruby-prof (0.16.2)
    ruby-progressbar (1.8.1)
    simplecov (0.12.0)
      docile (~> 1.1.0)
      json (>= 1.8, < 3)
      simplecov-html (~> 0.10.0)
    simplecov-html (0.10.0)
    unicode-display_width (1.1.2)
    url (0.3.2)

PLATFORMS
  ruby

DEPENDENCIES
  byebug
  codecov
  contracts-lite!
  method_profiler
  rake
  rspec
  rubocop (~> 0.46)
  ruby-prof

BUNDLED WITH
   1.13.6
